PATH
  remote: .
  specs:
    rmxp_extractor (1.5)
      fileutils
      json
      oj
      pathname
      ruby-progressbar
      zlib

GEM
  remote: https://rubygems.org/
  specs:
    amazing_print (1.4.0)
    fileutils (1.6.0)
    json (2.6.1)
    oj (3.13.11)
    pathname (0.2.0)
    ruby-progressbar (1.11.0)
    yaml (0.1.1)
    zlib (2.1.1)

PLATFORMS
  x86_64-linux

DEPENDENCIES
  amazing_print
  fileutils
  json
  oj
  pathname
  rmxp_extractor!
  ruby-progressbar
  yaml
  zlib

BUNDLED WITH
   2.2.32
